GIT
  remote: https://bitbucket.org/eng_guan_yeo/omniauth-shopify-oauth2.git
  revision: a234dc7188e36457bb9e3656d2cdf9dcf43e98c1
  specs:
    omniauth-shopify-oauth2 (1.1.17)
      oauth2 (~> 1.1.0)
      omniauth-oauth2 (~> 1.2)

GIT
  remote: https://bitbucket.org/eng_guan_yeo/shopify-sinatra-app.git
  revision: 560cff98ad2a4c1bca04a86992a61125e2dead3d
  specs:
    shopify-sinatra-app (0.3.3)
      activesupport (~> 4.1.1)
      attr_encrypted (~> 1.3.2)
      omniauth-shopify-oauth2 (~> 1.1.11)
      rack-flash3 (~> 1.0.5)
      resque (~> 1.25.2)
      shopify_api (~> 4.0.2)
      sinatra (~> 1.4.6)
      sinatra-activerecord (~> 2.0.9)
      sinatra-redis (~> 0.3.0)

GEM
  remote: https://rubygems.org/
  specs:
    activemodel (4.1.16)
      activesupport (= 4.1.16)
      builder (~> 3.1)
    activerecord (4.1.16)
      activemodel (= 4.1.16)
      activesupport (= 4.1.16)
      arel (~> 5.0.0)
    activeresource (4.1.0)
      activemodel (~> 4.0)
      activesupport (~> 4.0)
      rails-observers (~> 0.1.2)
    activesupport (4.1.16)
      i18n (~> 0.6, >= 0.6.9)
      json (~> 1.7, >= 1.7.7)
      minitest (~> 5.1)
      thread_safe (~> 0.1)
      tzinfo (~> 1.1)
    addressable (2.5.0)
      public_suffix (~> 2.0, >= 2.0.2)
    arel (5.0.1.20140414130214)
    attr_encrypted (1.3.5)
      encryptor (~> 1.3.0)
    backports (3.6.8)
    better_errors (2.1.1)
      coderay (>= 1.0.0)
      erubis (>= 2.6.6)
      rack (>= 0.9.0)
    binding_of_caller (0.7.2)
      debug_inspector (>= 0.0.1)
    builder (3.2.3)
    byebug (8.2.1)
    coderay (1.1.1)
    coffee-script (2.4.1)
      coffee-script-source
      execjs
    coffee-script-source (1.12.2)
    colorize (0.8.1)
    concurrent-ruby (1.0.5)
    debug_inspector (0.0.2)
    default_value_for (3.0.2)
      activerecord (>= 3.2.0, < 5.1)
    dotenv (2.0.2)
    encryptor (1.3.0)
    enumerable-lazy (0.0.2)
    erubis (2.7.0)
    execjs (2.7.0)
    fakeweb (1.3.0)
    faraday (0.9.2)
      multipart-post (>= 1.2, < 3)
    foreman (0.78.0)
      thor (~> 0.19.1)
    haml (4.0.7)
      tilt
    hashie (3.5.6)
    httplog (0.99.2)
      colorize
    i18n (0.9.0)
      concurrent-ruby (~> 1.0)
    json (1.8.6)
    jwt (1.5.1)
    liquid (4.0.0)
    mail (2.6.4)
      mime-types (>= 1.16, < 4)
    metaclass (0.0.4)
    method_source (0.8.2)
    mime-types (2.99.3)
    minitest (5.10.3)
    mocha (1.1.0)
      metaclass (~> 0.0.1)
    moneta (0.8.1)
    mono_logger (1.1.0)
    multi_json (1.12.2)
    multi_xml (0.6.0)
    multipart-post (2.0.0)
    mustermann19 (0.4.4)
      enumerable-lazy
    oauth2 (1.1.0)
      faraday (>= 0.8, < 0.10)
      jwt (~> 1.0, < 1.5.2)
      multi_json (~> 1.3)
      multi_xml (~> 0.5)
      rack (>= 1.2, < 3)
    omniauth (1.7.1)
      hashie (>= 3.4.6, < 3.6.0)
      rack (>= 1.6.2, < 3)
    omniauth-oauth2 (1.4.0)
      oauth2 (~> 1.0)
      omniauth (~> 1.2)
    padrino (0.14.0.1)
      padrino-admin (= 0.14.0.1)
      padrino-cache (= 0.14.0.1)
      padrino-core (= 0.14.0.1)
      padrino-gen (= 0.14.0.1)
      padrino-helpers (= 0.14.0.1)
      padrino-mailer (= 0.14.0.1)
      padrino-support (= 0.14.0.1)
    padrino-admin (0.14.0.1)
      padrino-core (= 0.14.0.1)
      padrino-helpers (= 0.14.0.1)
    padrino-cache (0.14.0.1)
      moneta (~> 0.8.0)
      padrino-core (= 0.14.0.1)
      padrino-helpers (= 0.14.0.1)
    padrino-core (0.14.0.1)
      mustermann19
      padrino-support (= 0.14.0.1)
      rack-protection (>= 1.5.0)
      sinatra (>= 1.4.6)
      thor (~> 0.18)
    padrino-gen (0.14.0.1)
      bundler (~> 1.0)
      padrino-core (= 0.14.0.1)
    padrino-helpers (0.14.0.1)
      i18n (~> 0.6, >= 0.6.7)
      padrino-support (= 0.14.0.1)
      tilt (>= 1.4.1, < 3)
    padrino-mailer (0.14.0.1)
      mail (~> 2.5)
      mime-types (< 3)
      padrino-core (= 0.14.0.1)
    padrino-support (0.14.0.1)
    pg (0.18.4)
    pry (0.10.4)
      coderay (~> 1.1.0)
      method_source (~> 0.8.1)
      slop (~> 3.4)
    pry-byebug (3.3.0)
      byebug (~> 8.0)
      pry (~> 0.10)
    pry-stack_explorer (0.4.9.2)
      binding_of_caller (>= 0.7)
      pry (>= 0.9.11)
    public_suffix (2.0.5)
    puma (3.7.0)
    rack (1.6.8)
    rack-flash3 (1.0.5)
      rack
    rack-protection (1.5.3)
      rack
    rack-test (0.6.3)
      rack (>= 1.0)
    racksh (1.0.0)
      rack (>= 1.0)
      rack-test (>= 0.5)
    rails-observers (0.1.5)
      activemodel (>= 4.0)
    rake (10.4.2)
    redis (3.3.5)
    redis-namespace (1.5.3)
      redis (~> 3.0, >= 3.0.4)
    resque (1.25.2)
      mono_logger (~> 1.0)
      multi_json (~> 1.0)
      redis-namespace (~> 1.3)
      sinatra (>= 0.9.2)
      vegas (~> 0.1.2)
    shopify_api (4.0.7)
      activeresource
      rack
    sinatra (1.4.8)
      rack (~> 1.5)
      rack-protection (~> 1.4)
      tilt (>= 1.3, < 3)
    sinatra-activerecord (2.0.13)
      activerecord (>= 3.2)
      sinatra (>= 1.0)
    sinatra-contrib (1.4.7)
      backports (>= 2.0)
      multi_json
      rack-protection
      rack-test
      sinatra (~> 1.4.0)
      tilt (>= 1.3, < 3)
    sinatra-flash (0.3.0)
      sinatra (>= 1.0.0)
    sinatra-redis (0.3.0)
      redis
      sinatra (>= 0.9.4)
    slop (3.6.0)
    sqlite3 (1.3.11)
    thor (0.19.1)
    thread_safe (0.3.6)
    tilt (2.0.8)
    tzinfo (1.2.3)
      thread_safe (~> 0.1)
    vegas (0.1.11)
      rack (>= 1.0.0)

PLATFORMS
  ruby

DEPENDENCIES
  activerecord
  addressable
  better_errors
  binding_of_caller
  byebug
  coffee-script
  default_value_for (~> 3.0.0)
  dotenv
  fakeweb
  foreman
  haml
  httplog
  i18n
  liquid
  minitest
  mocha
  omniauth-shopify-oauth2!
  padrino
  pg
  pry
  pry-byebug
  pry-stack_explorer
  puma
  rack-test
  racksh
  rake
  redis (~> 3.2)
  redis-namespace
  shopify-sinatra-app!
  sinatra
  sinatra-activerecord
  sinatra-contrib
  sinatra-flash
  sqlite3

RUBY VERSION
   ruby 2.3.0p0

BUNDLED WITH
   1.14.5
